GEM
  remote: https://rubygems.org/
  specs:
    hue (0.1.2)
      multi_json
      thor
    multi_json (1.10.1)
    mustermann (1.1.1)
      ruby2_keywords (~> 0.0.1)
    rack (2.2.3)
    rack-protection (2.2.0)
      rack
    ruby2_keywords (0.0.5)
    sinatra (2.2.0)
      mustermann (~> 1.0)
      rack (~> 2.2)
      rack-protection (= 2.2.0)
      tilt (~> 2.0)
    thor (0.19.1)
    tilt (2.0.10)

PLATFORMS
  ruby

DEPENDENCIES
  hue
  sinatra
